PATH
  remote: .
  specs:
    fssh (0.0.1)
      amazon-ec2 (~> 0.9.17)

GEM
  specs:
    amazon-ec2 (0.9.17)
      xml-simple (>= 1.0.12)
    coderay (1.0.7)
    method_source (0.8)
    pry (0.9.10)
      coderay (~> 1.0.5)
      method_source (~> 0.8)
      slop (~> 3.3.1)
    pry-nav (0.2.2)
      pry (~> 0.9.10)
    slop (3.3.2)
    xml-simple (1.1.1)

PLATFORMS
  ruby

DEPENDENCIES
  fssh!
  pry
  pry-nav
